GEM
  remote: http://rubygems.org/
  specs:
    activemodel (3.1.0)
      activesupport (= 3.1.0)
      bcrypt-ruby (~> 3.0.0)
      builder (~> 3.0.0)
      i18n (~> 0.6)
    activerecord (3.1.0)
      activemodel (= 3.1.0)
      activesupport (= 3.1.0)
      arel (~> 2.2.1)
      tzinfo (~> 0.3.29)
    activesupport (3.1.0)
      multi_json (~> 1.0)
    arel (2.2.1)
    bcrypt-ruby (3.0.1)
    builder (3.0.0)
    cocaine (0.2.0)
    devise (1.4.9)
      bcrypt-ruby (~> 3.0)
      orm_adapter (~> 0.0.3)
      warden (~> 1.0.3)
    git (1.2.5)
    haml (3.1.3)
    hoptoad_notifier (2.4.11)
      activesupport
      builder
    i18n (0.6.0)
    jeweler (1.6.4)
      bundler (~> 1.0)
      git (>= 1.2.5)
      rake
    liquid (2.3.0)
    multi_json (1.0.3)
    newrelic_rpm (3.2.0)
    orm_adapter (0.0.5)
    paperclip-cloudfiles (2.3.10.1)
      activerecord
      activesupport
    rack (1.3.4)
    rake (0.8.7)
    rcov (0.9.11)
    shoulda (2.11.3)
    tzinfo (0.3.30)
    warden (1.0.6)
      rack (>= 1.0)

PLATFORMS
  ruby

DEPENDENCIES
  bundler (~> 1.0.0)
  cocaine
  devise (>= 1.1.5)
  haml (>= 3.0.25)
  hoptoad_notifier (>= 2.4.5)
  jeweler (~> 1.6.4)
  liquid
  newrelic_rpm
  paperclip-cloudfiles
  rake (= 0.8.7)
  rcov
  shoulda
